PATH
  remote: .
  specs:
    mps (0.1.0)

GEM
  remote: https://rubygems.org/
  specs:
    diff-lcs (1.4.4)
    minitest (5.14.4)
    pastel (0.8.0)
      tty-color (~> 0.5)
    rake (13.0.3)
    tty-color (0.6.0)
    tty-cursor (0.7.1)
    tty-file (0.10.0)
      diff-lcs (~> 1.3)
      pastel (~> 0.8)
      tty-prompt (~> 0.22)
    tty-prompt (0.23.1)
      pastel (~> 0.8)
      tty-reader (~> 0.8)
    tty-reader (0.9.0)
      tty-cursor (~> 0.7)
      tty-screen (~> 0.8)
      wisper (~> 2.0)
    tty-screen (0.8.1)
    wisper (2.0.1)

PLATFORMS
  x64-mingw32

DEPENDENCIES
  minitest (~> 5.0)
  mps!
  rake (~> 13.0)
  tty-file (~> 0.10.0)

BUNDLED WITH
   2.2.9
